GEM
  remote: http://rubygems.org/
  specs:
    diff-lcs (1.1.3)
    rake (0.9.2.2)
    rspec (2.10.0)
      rspec-core (~> 2.10.0)
      rspec-expectations (~> 2.10.0)
      rspec-mocks (~> 2.10.0)
    rspec-core (2.10.1)
    rspec-expectations (2.10.0)
      diff-lcs (~> 1.1.3)
    rspec-mocks (2.10.1)
    ruby-ole (1.2.11.3)
    spreadsheet (0.7.2)
      ruby-ole (>= 1.0)

PLATFORMS
  ruby

DEPENDENCIES
  rake
  rspec
  spreadsheet
